PATH
  remote: .
  specs:
    class_state (0.1.0)

GEM
  remote: https://rubygems.org/
  specs:
    byebug (8.2.1)
    diff-lcs (1.2.5)
    rake (10.5.0)
    rspec (3.3.0)
      rspec-core (~> 3.3.0)
      rspec-expectations (~> 3.3.0)
      rspec-mocks (~> 3.3.0)
    rspec-core (3.3.1)
      rspec-support (~> 3.3.0)
    rspec-expectations (3.3.0)
      diff-lcs (>= 1.2.0, < 2.0)
      rspec-support (~> 3.3.0)
    rspec-mocks (3.3.1)
      diff-lcs (>= 1.2.0, < 2.0)
      rspec-support (~> 3.3.0)
    rspec-support (3.3.0)

PLATFORMS
  ruby

DEPENDENCIES
  byebug
  class_state!
  rake (~> 10.5)
  rspec (~> 3.3)

BUNDLED WITH
   1.11.2
